GEM
  remote: http://rubygems.org/
  specs:
    actionmailer (2.3.2)
      actionpack (= 2.3.2)
    actionpack (2.3.2)
      activesupport (= 2.3.2)
    activerecord (2.3.2)
      activesupport (= 2.3.2)
    activeresource (2.3.2)
      activesupport (= 2.3.2)
    activesupport (2.3.2)
    addressable (2.8.0)
      public_suffix (>= 2.0.2, < 5.0)
    bson (4.15.0)
    httparty (0.20.0)
      mime-types (~> 3.0)
      multi_xml (>= 0.5.2)
    json (2.6.1)
    mime-types (3.4.1)
      mime-types-data (~> 3.2015)
    mime-types-data (3.2021.1115)
    mongo (2.18.1)
      bson (>= 4.14.1, < 5.0.0)
    multi_xml (0.6.0)
    public_suffix (4.0.6)
    rack (3.0.0)
    rack-proxy (0.7.0)
      rack
    rails (2.3.2)
      actionmailer (= 2.3.2)
      actionpack (= 2.3.2)
      activerecord (= 2.3.2)
      activeresource (= 2.3.2)
      activesupport (= 2.3.2)
      rake (>= 0.8.3)
    rails-reverse-proxy (0.9.1)
      addressable
      rack
      rack-proxy
      rails
    rake (13.0.6)
    redis (4.5.1)

PLATFORMS
  x86_64-linux

DEPENDENCIES
  addressable
  httparty
  json
  mongo (~> 2)
  rails-reverse-proxy (~> 0.9.1)
  redis

BUNDLED WITH
   2.2.23
